GEM
  remote: https://rubygems.org/
  specs:
    diff-lcs (1.3)
    httparty (0.14.0)
      multi_xml (>= 0.5.2)
    i18n (0.8.1)
    multi_xml (0.6.0)
    rspec (3.5.0)
      rspec-core (~> 3.5.0)
      rspec-expectations (~> 3.5.0)
      rspec-mocks (~> 3.5.0)
    rspec-core (3.5.4)
      rspec-support (~> 3.5.0)
    rspec-expectations (3.5.0)
      diff-lcs (>= 1.2.0, < 2.0)
      rspec-support (~> 3.5.0)
    rspec-mocks (3.5.0)
      diff-lcs (>= 1.2.0, < 2.0)
      rspec-support (~> 3.5.0)
    rspec-support (3.5.0)
    russian (0.6.0)
      i18n (>= 0.5.0)
    tty-color (0.5.2)
    tty-cursor (0.7.1)
    tty-prompt (0.22.0)
      pastel (~> 0.8)
      tty-reader (~> 0.8)
    tty-reader (0.8.0)
      tty-cursor (~> 0.7)
      tty-screen (~> 0.8)
      wisper (~> 2.0)
    tty-screen (0.8.1)
    wisper (2.0.1)
    yandex-translator (0.3.2)
      httparty (>= 0.13.4)

PLATFORMS
  ruby

DEPENDENCIES
  rspec
  russian
  yandex-translator
